GEM
  remote: https://rubygems.org/
  specs:
    activemodel (5.1.2)
      activesupport (= 5.1.2)
    activerecord (5.1.2)
      activemodel (= 5.1.2)
      activesupport (= 5.1.2)
      arel (~> 8.0)
    activesupport (5.1.2)
      concurrent-ruby (~> 1.0, >= 1.0.2)
      i18n (~> 0.7)
      minitest (~> 5.1)
      tzinfo (~> 1.1)
    arel (8.0.0)
    concurrent-ruby (1.0.5)
    dotenv (2.2.1)
    i18n (0.8.4)
    minitest (5.10.2)
    mysql2 (0.4.6)
    rack (1.6.8)
    rack-protection (1.5.3)
      rack
    sinatra (1.4.8)
      rack (~> 1.5)
      rack-protection (~> 1.4)
      tilt (>= 1.3, < 3)
    thread_safe (0.3.6)
    tilt (2.0.7)
    tzinfo (1.2.3)
      thread_safe (~> 0.1)

PLATFORMS
  ruby

DEPENDENCIES
  activerecord (~> 5.1.2)
  dotenv (~> 2.2.1)
  mysql2 (~> 0.4.6)
  sinatra (~> 1.4.8)

BUNDLED WITH
   1.13.6
