GEM
  remote: https://rubygems.org/
  specs:
    activemodel (6.0.1)
      activesupport (= 6.0.1)
    activerecord (6.0.1)
      activemodel (= 6.0.1)
      activesupport (= 6.0.1)
    activesupport (6.0.1)
      concurrent-ruby (~> 1.0, >= 1.0.2)
      i18n (>= 0.7, < 2)
      minitest (~> 5.1)
      tzinfo (~> 1.1)
      zeitwerk (~> 2.2)
    concurrent-ruby (1.1.5)
    dotenv (2.7.5)
    i18n (1.7.0)
      concurrent-ruby (~> 1.0)
    minitest (5.13.0)
    mustermann (1.0.3)
    mysql2 (0.5.2)
    rack (2.0.8)
    rack-protection (2.0.7)
      rack
    sinatra (2.0.7)
      mustermann (~> 1.0)
      rack (~> 2.0)
      rack-protection (= 2.0.7)
      tilt (~> 2.0)
    thread_safe (0.3.6)
    tilt (2.0.10)
    tzinfo (1.2.5)
      thread_safe (~> 0.1)
    zeitwerk (2.2.1)

PLATFORMS
  ruby

DEPENDENCIES
  activerecord
  dotenv
  mysql2
  sinatra

RUBY VERSION
   ruby 2.5.5p157

BUNDLED WITH
   1.17.3
